GEM
  remote: http://rubygems.org/
  specs:
    minitest (5.16.3)
    observer (0.1.1)
    rake (13.0.6)

PLATFORMS
  ruby

DEPENDENCIES
  minitest
  observer
  rake

BUNDLED WITH
   2.3.26
